GEM
  remote: https://rubygems.org/
  specs:
    aasm (4.4.1)
    actionmailer (4.2.4)
      actionpack (= 4.2.4)
      actionview (= 4.2.4)
      activejob (= 4.2.4)
      mail (~> 2.5, >= 2.5.4)
      rails-dom-testing (~> 1.0, >= 1.0.5)
    actionpack (4.2.4)
      actionview (= 4.2.4)
      activesupport (= 4.2.4)
      rack (~> 1.6)
      rack-test (~> 0.6.2)
      rails-dom-testing (~> 1.0, >= 1.0.5)
      rails-html-sanitizer (~> 1.0, >= 1.0.2)
    actionview (4.2.4)
      activesupport (= 4.2.4)
      builder (~> 3.1)
      erubis (~> 2.7.0)
      rails-dom-testing (~> 1.0, >= 1.0.5)
      rails-html-sanitizer (~> 1.0, >= 1.0.2)
    activejob (4.2.4)
      activesupport (= 4.2.4)
      globalid (>= 0.3.0)
    activemodel (4.2.4)
      activesupport (= 4.2.4)
      builder (~> 3.1)
    activerecord (4.2.4)
      activemodel (= 4.2.4)
      activesupport (= 4.2.4)
      arel (~> 6.0)
    activesupport (4.2.4)
      i18n (~> 0.7)
      json (~> 1.7, >= 1.7.7)
      minitest (~> 5.1)
      thread_safe (~> 0.3, >= 0.3.4)
      tzinfo (~> 1.1)
    addressable (2.3.8)
    ahoy_matey (1.2.1)
      addressable
      browser (>= 0.4.0)
      errbase
      geocoder
      rails
      referer-parser (>= 0.3.0)
      request_store
      user_agent_parser
      uuidtools
    annotate (2.6.10)
      activerecord (>= 3.2, <= 4.3)
      rake (~> 10.4)
    ansi (1.5.0)
    arel (6.0.3)
    autoprefixer-rails (6.0.3)
      execjs
      json
    bcrypt (3.1.10)
    binding_of_caller (0.7.2)
      debug_inspector (>= 0.0.1)
    bootstrap-sass (3.3.5.1)
      autoprefixer-rails (>= 5.0.0.1)
      sass (>= 3.3.0)
    browser (1.0.1)
    builder (3.2.2)
    byebug (5.0.0)
      columnize (= 0.9.0)
    cancancan (1.12.0)
    celluloid (0.17.2)
      celluloid-essentials
      celluloid-extras
      celluloid-fsm
      celluloid-pool
      celluloid-supervision
      timers (>= 4.1.1)
    celluloid-essentials (0.20.5)
      timers (>= 4.1.1)
    celluloid-extras (0.20.5)
      timers (>= 4.1.1)
    celluloid-fsm (0.20.5)
      timers (>= 4.1.1)
    celluloid-pool (0.20.5)
      timers (>= 4.1.1)
    celluloid-supervision (0.20.5)
      timers (>= 4.1.1)
    chartkick (1.4.1)
    coffee-rails (4.1.0)
      coffee-script (>= 2.2.0)
      railties (>= 4.0.0, < 5.0)
    coffee-script (2.4.1)
      coffee-script-source
      execjs
    coffee-script-source (1.9.1.1)
    columnize (0.9.0)
    connection_pool (2.2.0)
    countries (1.1.0)
      currencies (~> 0.4.2)
      i18n_data (~> 0.7.0)
    country_select (2.4.0)
      countries (~> 1.1.0)
      sort_alphabetical (~> 1.0)
    currencies (0.4.2)
    debug_inspector (0.0.2)
    devise (3.5.2)
      bcrypt (~> 3.0)
      orm_adapter (~> 0.1)
      railties (>= 3.2.6, < 5)
      responders
      thread_safe (~> 0.1)
      warden (~> 1.2.3)
    domain_name (0.5.25)
      unf (>= 0.0.5, < 1.0.0)
    errbase (0.0.3)
    erubis (2.7.0)
    execjs (2.6.0)
    factory_girl (4.5.0)
      activesupport (>= 3.0.0)
    factory_girl_rails (4.5.0)
      factory_girl (~> 4.5.0)
      railties (>= 3.0.0)
    font-awesome-rails (4.4.0.0)
      railties (>= 3.2, < 5.0)
    friendly_id (5.1.0)
      activerecord (>= 4.0.0)
    geocoder (1.2.12)
    globalid (0.3.6)
      activesupport (>= 4.1.0)
    groupdate (2.4.0)
      activesupport (>= 3)
    haml (4.0.7)
      tilt
    hitimes (1.2.3)
    http-cookie (1.0.2)
      domain_name (~> 0.5)
    i18n (0.7.0)
    i18n_data (0.7.0)
    jquery-rails (4.0.4)
      rails-dom-testing (~> 1.0)
      railties (>= 4.2.0)
      thor (>= 0.14, < 2.0)
    jquery-ui-rails (5.0.5)
      railties (>= 3.2.16)
    json (1.8.3)
    kaminari (0.16.3)
      actionpack (>= 3.0.0)
      activesupport (>= 3.0.0)
    loofah (2.0.3)
      nokogiri (>= 1.5.9)
    mail (2.6.3)
      mime-types (>= 1.16, < 3)
    mime-types (2.6.2)
    mini_backtrace (0.1.3)
      minitest (> 1.2.0)
      rails (>= 2.3.3)
    mini_portile (0.6.2)
    minitest (5.8.2)
    minitest-reporters (1.0.20)
      ansi
      builder
      minitest (>= 5.0)
      ruby-progressbar
    nested_form (0.3.2)
    netrc (0.11.0)
    nokogiri (1.6.6.2)
      mini_portile (~> 0.6.0)
    orm_adapter (0.5.0)
    payola-payments (1.3.2)
      aasm (>= 4.0.7)
      jquery-rails
      rails (>= 4.1)
      stripe (= 1.20.1)
      stripe_event (>= 1.3.0)
    pg (0.18.2)
    rack (1.6.4)
    rack-pjax (0.8.0)
      nokogiri (~> 1.5)
      rack (~> 1.1)
    rack-protection (1.5.3)
      rack
    rack-test (0.6.3)
      rack (>= 1.0)
    rails (4.2.4)
      actionmailer (= 4.2.4)
      actionpack (= 4.2.4)
      actionview (= 4.2.4)
      activejob (= 4.2.4)
      activemodel (= 4.2.4)
      activerecord (= 4.2.4)
      activesupport (= 4.2.4)
      bundler (>= 1.3.0, < 2.0)
      railties (= 4.2.4)
      sprockets-rails
    rails-deprecated_sanitizer (1.0.3)
      activesupport (>= 4.2.0.alpha)
    rails-dom-testing (1.0.7)
      activesupport (>= 4.2.0.beta, < 5.0)
      nokogiri (~> 1.6.0)
      rails-deprecated_sanitizer (>= 1.0.1)
    rails-html-sanitizer (1.0.2)
      loofah (~> 2.0)
    rails_12factor (0.0.3)
      rails_serve_static_assets
      rails_stdout_logging
    rails_admin (0.7.0)
      builder (~> 3.1)
      coffee-rails (~> 4.0)
      font-awesome-rails (>= 3.0, < 5)
      haml (~> 4.0)
      jquery-rails (>= 3.0, < 5)
      jquery-ui-rails (~> 5.0)
      kaminari (~> 0.14)
      nested_form (~> 0.3)
      rack-pjax (~> 0.7)
      rails (~> 4.0)
      remotipart (~> 1.0)
      safe_yaml (~> 1.0)
      sass-rails (>= 4.0, < 6)
    rails_serve_static_assets (0.0.4)
    rails_stdout_logging (0.0.4)
    railties (4.2.4)
      actionpack (= 4.2.4)
      activesupport (= 4.2.4)
      rake (>= 0.8.7)
      thor (>= 0.18.1, < 2.0)
    rake (10.4.2)
    ranked-model (0.4.0)
      activerecord (>= 3.1.12)
    rdoc (4.2.0)
    redis (3.2.1)
    redis-namespace (1.5.2)
      redis (~> 3.0, >= 3.0.4)
    referer-parser (0.3.0)
    remotipart (1.2.1)
    request_store (1.2.0)
    responders (2.1.0)
      railties (>= 4.2.0, < 5)
    rest-client (1.8.0)
      http-cookie (>= 1.0.2, < 2.0)
      mime-types (>= 1.16, < 3.0)
      netrc (~> 0.7)
    ruby-progressbar (1.7.5)
    safe_yaml (1.0.4)
    sass (3.4.19)
    sass-rails (5.0.3)
      railties (>= 4.0.0, < 5.0)
      sass (~> 3.1)
      sprockets (>= 2.8, < 4.0)
      sprockets-rails (>= 2.0, < 4.0)
      tilt (~> 1.1)
    sdoc (0.4.1)
      json (~> 1.7, >= 1.7.7)
      rdoc (~> 4.0)
    sidekiq (3.5.1)
      celluloid (~> 0.17.2)
      connection_pool (~> 2.2, >= 2.2.0)
      json (~> 1.0)
      redis (~> 3.2, >= 3.2.1)
      redis-namespace (~> 1.5, >= 1.5.2)
    sinatra (1.4.6)
      rack (~> 1.4)
      rack-protection (~> 1.4)
      tilt (>= 1.3, < 3)
    sort_alphabetical (1.0.2)
      unicode_utils (>= 1.2.2)
    spring (1.3.6)
    sprockets (3.4.0)
      rack (> 1, < 3)
    sprockets-rails (2.3.3)
      actionpack (>= 3.0)
      activesupport (>= 3.0)
      sprockets (>= 2.8, < 4.0)
    stripe (1.20.1)
      json (~> 1.8.1)
      mime-types (>= 1.25, < 3.0)
      rest-client (~> 1.4)
    stripe_event (1.5.0)
      activesupport (>= 3.1)
      stripe (~> 1.6)
    thor (0.19.1)
    thread_safe (0.3.5)
    tilt (1.4.1)
    timers (4.1.1)
      hitimes
    tzinfo (1.2.2)
      thread_safe (~> 0.1)
    uglifier (2.7.1)
      execjs (>= 0.3.0)
      json (>= 1.8.0)
    unf (0.1.4)
      unf_ext
    unf_ext (0.0.7.1)
    unicode_utils (1.4.0)
    user_agent_parser (2.3.0)
    uuidtools (2.1.5)
    valid_url (0.0.4)
      addressable
      rails
    warden (1.2.3)
      rack (>= 1.0)
    web-console (2.2.1)
      activemodel (>= 4.0)
      binding_of_caller (>= 0.7.2)
      railties (>= 4.0)
      sprockets-rails (>= 2.0, < 4.0)

PLATFORMS
  ruby

DEPENDENCIES
  ahoy_matey (= 1.2.1)
  annotate (= 2.6.10)
  bootstrap-sass (= 3.3.5.1)
  byebug (= 5.0.0)
  cancancan (= 1.12.0)
  chartkick (= 1.4.1)
  coffee-rails (= 4.1.0)
  country_select (= 2.4.0)
  devise (= 3.5.2)
  factory_girl_rails (= 4.5.0)
  friendly_id (= 5.1.0)
  groupdate (= 2.4.0)
  jquery-rails (= 4.0.4)
  mini_backtrace (= 0.1.3)
  minitest-reporters (= 1.0.20)
  payola-payments
  pg (= 0.18.2)
  rails (= 4.2.4)
  rails_12factor (= 0.0.3)
  rails_admin (= 0.7.0)
  ranked-model (= 0.4.0)
  sass-rails (= 5.0.3)
  sdoc (= 0.4.1)
  sidekiq (= 3.5.1)
  sinatra
  spring (= 1.3.6)
  uglifier (= 2.7.1)
  valid_url (= 0.0.4)
  web-console (= 2.2.1)

BUNDLED WITH
   1.10.6
